GEM
  remote: http://rubygems.org/
  specs:
    ZenTest (4.7.0)
    archive-tar-minitar (0.5.2)
    childprocess (0.3.2)
      ffi (~> 1.0.6)
    diff-lcs (1.1.3)
    erubis (2.7.0)
    ffi (1.0.11)
    hoe (3.0.3)
      rake (~> 0.8)
    hoe-bundler (1.1.0)
      hoe (>= 2.2.0)
    hoe-gemspec (1.0.0)
      hoe (>= 2.2.0)
    hoe-git (1.5.0)
      hoe (>= 2.2.0)
    i18n (0.6.0)
    json (1.5.5)
    log4r (1.1.10)
    multi_json (1.2.0)
    net-scp (1.0.4)
      net-ssh (>= 1.99.1)
    net-ssh (2.2.2)
    rake (0.9.2.2)
    rspec (2.9.0)
      rspec-core (~> 2.9.0)
      rspec-expectations (~> 2.9.0)
      rspec-mocks (~> 2.9.0)
    rspec-core (2.9.0)
    rspec-expectations (2.9.1)
      diff-lcs (~> 1.1.3)
    rspec-mocks (2.9.0)
    simplecov (0.6.1)
      multi_json (~> 1.0)
      simplecov-html (~> 0.5.3)
    simplecov-html (0.5.3)
    vagrant (1.0.3)
      archive-tar-minitar (= 0.5.2)
      childprocess (~> 0.3.1)
      erubis (~> 2.7.0)
      i18n (~> 0.6.0)
      json (~> 1.5.1)
      log4r (~> 1.1.9)
      net-scp (~> 1.0.4)
      net-ssh (~> 2.2.2)

PLATFORMS
  ruby

DEPENDENCIES
  ZenTest
  hoe
  hoe-bundler
  hoe-gemspec
  hoe-git
  rake
  rspec
  rspec-mocks
  simplecov
  vagrant
